GEM
  remote: https://rubygems.org/
  specs:
    SimpleSearch (0.5.0)
    actionmailer (2.1.0)
      actionpack (= 2.1.0)
    actionpack (2.1.0)
      activesupport (= 2.1.0)
    activerecord (2.1.0)
      activesupport (= 2.1.0)
    activeresource (2.1.0)
      activesupport (= 2.1.0)
    activesupport (2.1.0)
    archive (0.0.3)
      ffi (~> 1.8.1)
    cgi_multipart_eof_fix (2.5.0)
    daemons (1.1.8)
    eventmachine (1.0.3)
    exifr (1.1.2)
    fastthread (1.0.7)
    ffi (1.8.1)
    gem_plugin (0.2.3)
    mongrel (1.1.5)
      cgi_multipart_eof_fix (>= 2.4)
      daemons (>= 1.0.3)
      fastthread (>= 1.0.1)
      gem_plugin (>= 0.2.3)
    mysql (2.9.1)
    net-ssh (2.6.8)
    rails (2.1.0)
      actionmailer (= 2.1.0)
      actionpack (= 2.1.0)
      activerecord (= 2.1.0)
      activeresource (= 2.1.0)
      activesupport (= 2.1.0)
      rake (>= 0.8.1)
    rake (0.9.2.2)
    rtunnel (0.4.1)
      eventmachine (>= 0.12.2)
      net-ssh (>= 2.0.4)

PLATFORMS
  ruby

DEPENDENCIES
  SimpleSearch
  archive
  exifr
  mongrel
  mysql
  rails (= 2.1.0)
  rtunnel
