GEM
  remote: https://rubygems.org/
  specs:
    SimpleSearch (0.5.0)
    actionmailer (2.3.11)
      actionpack (= 2.3.11)
    actionpack (2.3.11)
      activesupport (= 2.3.11)
      rack (~> 1.1.0)
    activerecord (2.3.11)
      activesupport (= 2.3.11)
    activeresource (2.3.11)
      activesupport (= 2.3.11)
    activesupport (2.3.11)
    archive (0.0.3)
      ffi (~> 1.8.1)
    builder (3.2.2)
    cgi_multipart_eof_fix (2.5.0)
    columnize (0.9.0)
    daemons (1.1.8)
    eventmachine (1.0.3)
    exifr (1.1.2)
    fastthread (1.0.7)
    ffi (1.8.1)
    gem_plugin (0.2.3)
    gyoku (1.2.2)
      builder (>= 2.1.2)
    linecache (1.3.1)
    mongrel (1.1.5)
      cgi_multipart_eof_fix (>= 2.4)
      daemons (>= 1.0.3)
      fastthread (>= 1.0.1)
      gem_plugin (>= 0.2.3)
    mysql (2.9.1)
    net-ssh (2.6.8)
    racc (1.4.11)
    rack (1.1.6)
    railroad (0.5.0)
    rails (2.3.11)
      actionmailer (= 2.3.11)
      actionpack (= 2.3.11)
      activerecord (= 2.3.11)
      activeresource (= 2.3.11)
      activesupport (= 2.3.11)
      rake (>= 0.8.3)
    rake (13.0.1)
    rtunnel (0.4.1)
      eventmachine (>= 0.12.2)
      net-ssh (>= 2.0.4)
    ruby-debug (0.10.4)
      columnize (>= 0.1)
      ruby-debug-base (~> 0.10.4.0)
    ruby-debug-base (0.10.4)
      linecache (>= 0.3)

PLATFORMS
  ruby

DEPENDENCIES
  SimpleSearch
  archive
  exifr
  gyoku (~> 1.0)
  mongrel
  mysql
  racc
  railroad
  rails (= 2.3.11)
  rtunnel
  ruby-debug
